NUGET
  remote: https://www.nuget.org/api/v2
    FSharp.Text.RegexProvider (1.0)
