NUGET
  remote: http://www.nuget.org/api/v2
  specs:
    FSharp.Compiler.Service (8.0)
      System.Collections.Immutable (>= 1.2)
      System.Reflection.Metadata (>= 1.4.1-beta-24227-04)
    Microsoft.NETCore.Platforms (1.1.0-preview1-24530-04) - framework: net10, net11, net20, net30, net35, net40, net40-full
    Microsoft.NETCore.Targets (1.1.0-preview1-24530-04) - framework: net10, net11, net20, net30, net35, net40, net40-full
    runtime.native.System (4.3.0-preview1-24530-04) - framework: net10, net11, net20, net30, net35, net40, net40-full
      Microsoft.NETCore.Platforms (>= 1.1.0-preview1-24530-04)
      Microsoft.NETCore.Targets (>= 1.1.0-preview1-24530-04)
    System.Collections (4.3.0-preview1-24530-04) - framework: net10, net11, net20, net30, net35, net40, net40-full
    System.Collections.Immutable (1.2)
      System.Collections (>= 4.0.11) - framework: net10, net11, net20, net30, net35, net40, net40-full
      System.Diagnostics.Debug (>= 4.0.11) - framework: net10, net11, net20, net30, net35, net40, net40-full
      System.Globalization (>= 4.0.11) - framework: net10, net11, net20, net30, net35, net40, net40-full
      System.Linq (>= 4.1) - framework: net10, net11, net20, net30, net35, net40, net40-full
      System.Resources.ResourceManager (>= 4.0.1) - framework: net10, net11, net20, net30, net35, net40, net40-full
      System.Runtime (>= 4.1) - framework: net10, net11, net20, net30, net35, net40, net40-full
      System.Runtime.Extensions (>= 4.1) - framework: net10, net11, net20, net30, net35, net40, net40-full
      System.Threading (>= 4.0.11) - framework: net10, net11, net20, net30, net35, net40, net40-full
    System.Diagnostics.Debug (4.3.0-preview1-24530-04) - framework: net10, net11, net20, net30, net35, net40, net40-full
    System.Globalization (4.0.11) - framework: net10, net11, net20, net30, net35, net40, net40-full
    System.IO (4.3.0-preview1-24530-04) - framework: net10, net11, net20, net30, net35, net40, net40-full
    System.IO.Compression (4.3.0-preview1-24530-04) - framework: net10, net11, net20, net30, net35, net40, net40-full
      Microsoft.NETCore.Platforms (>= 1.1.0-preview1-24530-04) - framework: net10, net11, net20, net30, net35, net40, net40-full
      runtime.native.System (>= 4.3.0-preview1-24530-04) - framework: net10, net11, net20, net30, net35, net40, net40-full
    System.Linq (4.3.0-preview1-24530-04) - framework: net10, net11, net20, net30, net35, net40, net40-full
    System.Reflection (4.3.0-preview1-24530-04) - framework: net10, net11, net20, net30, net35, net40, net40-full
    System.Reflection.Extensions (4.3.0-preview1-24530-04) - framework: net10, net11, net20, net30, net35, net40, net40-full
    System.Reflection.Metadata (1.4.1-preview1-24530-04)
      System.Collections (>= 4.3.0-preview1-24530-04) - framework: net10, net11, net20, net30, net35, net40, net40-full
      System.Collections.Immutable (>= 1.1.37) - framework: portable-net45+win8
      System.Collections.Immutable (>= 1.3.0-preview1-24530-04) - framework: >= net45, monoandroid, monotouch, xamarinios, xamarinmac, winv4.5, wpav8.1
      System.Diagnostics.Debug (>= 4.3.0-preview1-24530-04) - framework: net10, net11, net20, net30, net35, net40, net40-full
      System.IO (>= 4.3.0-preview1-24530-04) - framework: net10, net11, net20, net30, net35, net40, net40-full
      System.IO.Compression (>= 4.3.0-preview1-24530-04) - framework: net10, net11, net20, net30, net35, net40, net40-full
      System.Linq (>= 4.3.0-preview1-24530-04) - framework: net10, net11, net20, net30, net35, net40, net40-full
      System.Reflection (>= 4.3.0-preview1-24530-04) - framework: net10, net11, net20, net30, net35, net40, net40-full
      System.Reflection.Extensions (>= 4.3.0-preview1-24530-04) - framework: net10, net11, net20, net30, net35, net40, net40-full
      System.Reflection.Primitives (>= 4.3.0-preview1-24530-04) - framework: net10, net11, net20, net30, net35, net40, net40-full
      System.Resources.ResourceManager (>= 4.3.0-preview1-24530-04) - framework: net10, net11, net20, net30, net35, net40, net40-full
      System.Runtime (>= 4.3.0-preview1-24530-04) - framework: net10, net11, net20, net30, net35, net40, net40-full
      System.Runtime.Extensions (>= 4.3.0-preview1-24530-04) - framework: net10, net11, net20, net30, net35, net40, net40-full
      System.Runtime.InteropServices (>= 4.3.0-preview1-24530-04) - framework: net10, net11, net20, net30, net35, net40, net40-full
      System.Text.Encoding (>= 4.3.0-preview1-24530-04) - framework: net10, net11, net20, net30, net35, net40, net40-full
      System.Text.Encoding.Extensions (>= 4.3.0-preview1-24530-04) - framework: net10, net11, net20, net30, net35, net40, net40-full
      System.Threading (>= 4.3.0-preview1-24530-04) - framework: net10, net11, net20, net30, net35, net40, net40-full
    System.Reflection.Primitives (4.3.0-preview1-24530-04) - framework: net10, net11, net20, net30, net35, net40, net40-full
    System.Resources.ResourceManager (4.3.0-preview1-24530-04) - framework: net10, net11, net20, net30, net35, net40, net40-full
    System.Runtime (4.3.0-preview1-24530-04) - framework: net10, net11, net20, net30, net35, net40, net40-full
    System.Runtime.Extensions (4.3.0-preview1-24530-04) - framework: net10, net11, net20, net30, net35, net40, net40-full
    System.Runtime.InteropServices (4.3.0-preview1-24530-04) - framework: net10, net11, net20, net30, net35, net40, net40-full
    System.Text.Encoding (4.3.0-preview1-24530-04) - framework: net10, net11, net20, net30, net35, net40, net40-full
    System.Text.Encoding.Extensions (4.3.0-preview1-24530-04) - framework: net10, net11, net20, net30, net35, net40, net40-full
    System.Threading (4.3.0-preview1-24530-04) - framework: net10, net11, net20, net30, net35, net40, net40-full
